GEM
  remote: http://rubygems.org/
  specs:
    couchbase (1.1.1)
      yajl-ruby (~> 1.1.0)
    git (1.2.5)
    jeweler (1.8.3)
      bundler (~> 1.0)
      git (>= 1.2.5)
      rake
      rdoc
    json (1.6.5)
    minitest (2.11.4)
    multi_json (1.3.6)
    rake (0.9.2.2)
    rdoc (3.12)
      json (~> 1.4)
    simplecov (0.6.4)
      multi_json (~> 1.0)
      simplecov-html (~> 0.5.3)
    simplecov-html (0.5.3)
    yajl-ruby (1.1.0)

PLATFORMS
  ruby

DEPENDENCIES
  bundler
  couchbase
  jeweler (~> 1.8.3)
  minitest
  rdoc (~> 3.12)
  simplecov
