GEM
  remote: http://rubygems.org/
  specs:
    ansi (1.4.3)
    builder (3.0.0)
    couchbase (1.1.2)
      yajl-ruby (~> 1.1.0)
    git (1.2.5)
    hashie (1.2.0)
    jeweler (1.8.4)
      bundler (~> 1.0)
      git (>= 1.2.5)
      rake
      rdoc
    json (1.7.3)
    minitest (3.2.0)
    minitest-reporters (0.9.0)
      ansi
      builder
      minitest (>= 2.0, < 4.0)
      powerbar
    multi_json (1.3.6)
    powerbar (1.0.7)
      ansi (~> 1.4.0)
      hashie (>= 1.1.0)
    rake (0.9.2.2)
    rdoc (3.12)
      json (~> 1.4)
    simplecov (0.6.4)
      multi_json (~> 1.0)
      simplecov-html (~> 0.5.3)
    simplecov-html (0.5.3)
    yajl-ruby (1.1.0)

PLATFORMS
  ruby

DEPENDENCIES
  bundler
  couchbase (~> 1.1.2)
  jeweler (~> 1.8.3)
  minitest
  minitest-reporters (>= 0.5.0)
  rdoc (~> 3.12)
  simplecov
